GEM
  remote: https://rubygems.org/
  specs:
    json (2.6.1)
    yaml (0.2.0)

PLATFORMS
  x86_64-darwin-19
  x86_64-darwin-20

DEPENDENCIES
  json
  yaml

BUNDLED WITH
   2.3.14
